GIT
  remote: https://github.com/pdobb/say.git
  revision: 28b6c0a099ae14deaf142909ae5f24493c0578c7
  specs:
    say (0.7.0)

GEM
  remote: https://rubygems.org/
  specs:
    actioncable (8.0.2)
      actionpack (= 8.0.2)
      activesupport (= 8.0.2)
      nio4r (~> 2.0)
      websocket-driver (>= 0.6.1)
      zeitwerk (~> 2.6)
    actionmailbox (8.0.2)
      actionpack (= 8.0.2)
      activejob (= 8.0.2)
      activerecord (= 8.0.2)
      activestorage (= 8.0.2)
      activesupport (= 8.0.2)
      mail (>= 2.8.0)
    actionmailer (8.0.2)
      actionpack (= 8.0.2)
      actionview (= 8.0.2)
      activejob (= 8.0.2)
      activesupport (= 8.0.2)
      mail (>= 2.8.0)
      rails-dom-testing (~> 2.2)
    actionpack (8.0.2)
      actionview (= 8.0.2)
      activesupport (= 8.0.2)
      nokogiri (>= 1.8.5)
      rack (>= 2.2.4)
      rack-session (>= 1.0.1)
      rack-test (>= 0.6.3)
      rails-dom-testing (~> 2.2)
      rails-html-sanitizer (~> 1.6)
      useragent (~> 0.16)
    actiontext (8.0.2)
      actionpack (= 8.0.2)
      activerecord (= 8.0.2)
      activestorage (= 8.0.2)
      activesupport (= 8.0.2)
      globalid (>= 0.6.0)
      nokogiri (>= 1.8.5)
    actionview (8.0.2)
      activesupport (= 8.0.2)
      builder (~> 3.1)
      erubi (~> 1.11)
      rails-dom-testing (~> 2.2)
      rails-html-sanitizer (~> 1.6)
    activejob (8.0.2)
      activesupport (= 8.0.2)
      globalid (>= 0.3.6)
    activemodel (8.0.2)
      activesupport (= 8.0.2)
    activerecord (8.0.2)
      activemodel (= 8.0.2)
      activesupport (= 8.0.2)
      timeout (>= 0.4.0)
    activestorage (8.0.2)
      actionpack (= 8.0.2)
      activejob (= 8.0.2)
      activerecord (= 8.0.2)
      activesupport (= 8.0.2)
      marcel (~> 1.0)
    activesupport (8.0.2)
      base64
      benchmark (>= 0.3)
      bigdecimal
      concurrent-ruby (~> 1.0, >= 1.3.1)
      connection_pool (>= 2.2.5)
      drb
      i18n (>= 1.6, < 2)
      logger (>= 1.4.2)
      minitest (>= 5.1)
      securerandom (>= 0.3)
      tzinfo (~> 2.0, >= 2.0.5)
      uri (>= 0.13.1)
    amazing_print (1.7.2)
    ansi (1.5.0)
    ast (2.4.2)
    base64 (0.2.0)
    bcrypt_pbkdf (1.1.1)
    benchmark (0.4.0)
    better_html (2.1.1)
      actionview (>= 6.0)
      activesupport (>= 6.0)
      ast (~> 2.0)
      erubi (~> 1.4)
      parser (>= 2.4)
      smart_properties
    bigdecimal (3.1.9)
    bindex (0.8.1)
    brakeman (7.0.0)
      racc
    builder (3.3.0)
    concurrent-ruby (1.3.5)
    connection_pool (2.5.0)
    crass (1.0.6)
    csv (3.3.2)
    date (3.4.1)
    debug (1.10.0)
      irb (~> 1.10)
      reline (>= 0.3.8)
    docile (1.4.1)
    dotenv (3.1.7)
    drb (2.2.1)
    dry-configurable (1.3.0)
      dry-core (~> 1.1)
      zeitwerk (~> 2.6)
    dry-core (1.1.0)
      concurrent-ruby (~> 1.0)
      logger
      zeitwerk (~> 2.6)
    dry-inflector (1.2.0)
    dry-initializer (3.2.0)
    dry-logic (1.6.0)
      bigdecimal
      concurrent-ruby (~> 1.0)
      dry-core (~> 1.1)
      zeitwerk (~> 2.6)
    dry-schema (1.13.4)
      concurrent-ruby (~> 1.0)
      dry-configurable (~> 1.0, >= 1.0.1)
      dry-core (~> 1.0, < 2)
      dry-initializer (~> 3.0)
      dry-logic (>= 1.4, < 2)
      dry-types (>= 1.7, < 2)
      zeitwerk (~> 2.6)
    dry-types (1.8.2)
      bigdecimal (~> 3.0)
      concurrent-ruby (~> 1.0)
      dry-core (~> 1.0)
      dry-inflector (~> 1.0)
      dry-logic (~> 1.4)
      zeitwerk (~> 2.6)
    ed25519 (1.3.0)
    erb_lint (0.9.0)
      activesupport
      better_html (>= 2.0.1)
      parser (>= 2.7.1.4)
      rainbow
      rubocop (>= 1)
      smart_properties
    erubi (1.13.1)
    et-orbi (1.2.11)
      tzinfo
    fugit (1.11.1)
      et-orbi (~> 1, >= 1.2.11)
      raabro (~> 1.4)
    gemwork (0.7.13)
      debug
      irb
      minitest
      minitest-reporters
      much-stub
      reek
      rubocop
      rubocop-minitest
      rubocop-performance
      rubocop-rake
      simplecov
      yard
    globalid (1.2.1)
      activesupport (>= 6.1)
    honeybadger (5.27.0)
      logger
      ostruct
    i18n (1.14.7)
      concurrent-ruby (~> 1.0)
    importmap-rails (2.1.0)
      actionpack (>= 6.0.0)
      activesupport (>= 6.0.0)
      railties (>= 6.0.0)
    inline_svg (1.10.0)
      activesupport (>= 3.0)
      nokogiri (>= 1.6)
    io-console (0.8.0)
    irb (1.15.1)
      pp (>= 0.6.0)
      rdoc (>= 4.0.0)
      reline (>= 0.4.2)
    json (2.10.2)
    kamal (2.5.3)
      activesupport (>= 7.0)
      base64 (~> 0.2)
      bcrypt_pbkdf (~> 1.0)
      concurrent-ruby (~> 1.2)
      dotenv (~> 3.1)
      ed25519 (~> 1.2)
      net-ssh (~> 7.3)
      sshkit (>= 1.23.0, < 2.0)
      thor (~> 1.3)
      zeitwerk (>= 2.6.18, < 3.0)
    language_server-protocol (3.17.0.4)
    lint_roller (1.1.0)
    logger (1.6.6)
    loofah (2.24.0)
      crass (~> 1.0.2)
      nokogiri (>= 1.12.0)
    mail (2.8.1)
      mini_mime (>= 0.1.1)
      net-imap
      net-pop
      net-smtp
    marcel (1.0.4)
    meta-tags (2.22.1)
      actionpack (>= 6.0.0, < 8.1)
    mini_mime (1.1.5)
    mini_portile2 (2.8.8)
    minitest (5.25.5)
    minitest-rails (8.0.0)
      minitest (~> 5.20)
      railties (>= 8.0.0, < 8.1.0)
    minitest-reporters (1.7.1)
      ansi
      builder
      minitest (>= 5.0)
      ruby-progressbar
    mission_control-jobs (1.0.2)
      actioncable (>= 7.1)
      actionpack (>= 7.1)
      activejob (>= 7.1)
      activerecord (>= 7.1)
      importmap-rails (>= 1.2.1)
      irb (~> 1.13)
      railties (>= 7.1)
      stimulus-rails
      turbo-rails
    much-stub (0.1.10)
    net-imap (0.5.6)
      date
      net-protocol
    net-pop (0.1.2)
      net-protocol
    net-protocol (0.2.2)
      timeout
    net-scp (4.1.0)
      net-ssh (>= 2.6.5, < 8.0.0)
    net-sftp (4.0.0)
      net-ssh (>= 5.0.0, < 8.0.0)
    net-smtp (0.5.1)
      net-protocol
    net-ssh (7.3.0)
    nio4r (2.7.4)
    nokogiri (1.18.4)
      mini_portile2 (~> 2.8.2)
      racc (~> 1.4)
    nokogiri (1.18.4-aarch64-linux-gnu)
      racc (~> 1.4)
    nokogiri (1.18.4-aarch64-linux-musl)
      racc (~> 1.4)
    nokogiri (1.18.4-arm-linux-gnu)
      racc (~> 1.4)
    nokogiri (1.18.4-arm-linux-musl)
      racc (~> 1.4)
    nokogiri (1.18.4-arm64-darwin)
      racc (~> 1.4)
    nokogiri (1.18.4-x86_64-darwin)
      racc (~> 1.4)
    nokogiri (1.18.4-x86_64-linux-gnu)
      racc (~> 1.4)
    nokogiri (1.18.4-x86_64-linux-musl)
      racc (~> 1.4)
    object_identifier (0.10.0)
    object_inspector (0.8.2)
    ostruct (0.6.1)
    parallel (1.26.3)
    parser (3.3.7.1)
      ast (~> 2.4.1)
      racc
    permessage_deflate (0.1.4)
    pg (1.5.9)
    pp (0.6.2)
      prettyprint
    prettyprint (0.2.0)
    propshaft (1.1.0)
      actionpack (>= 7.0.0)
      activesupport (>= 7.0.0)
      rack
      railties (>= 7.0.0)
    psych (5.2.3)
      date
      stringio
    puma (6.6.0)
      nio4r (~> 2.0)
    raabro (1.4.0)
    racc (1.8.1)
    rack (3.1.12)
    rack-session (2.1.0)
      base64 (>= 0.1.0)
      rack (>= 3.0.0)
    rack-test (2.2.0)
      rack (>= 1.3)
    rackup (2.2.1)
      rack (>= 3)
    rails (8.0.2)
      actioncable (= 8.0.2)
      actionmailbox (= 8.0.2)
      actionmailer (= 8.0.2)
      actionpack (= 8.0.2)
      actiontext (= 8.0.2)
      actionview (= 8.0.2)
      activejob (= 8.0.2)
      activemodel (= 8.0.2)
      activerecord (= 8.0.2)
      activestorage (= 8.0.2)
      activesupport (= 8.0.2)
      bundler (>= 1.15.0)
      railties (= 8.0.2)
    rails-dom-testing (2.2.0)
      activesupport (>= 5.0.0)
      minitest
      nokogiri (>= 1.6)
    rails-html-sanitizer (1.6.2)
      loofah (~> 2.21)
      nokogiri (>= 1.15.7, != 1.16.7, != 1.16.6, != 1.16.5, != 1.16.4, != 1.16.3, != 1.16.2, != 1.16.1, != 1.16.0.rc1, != 1.16.0)
    railties (8.0.2)
      actionpack (= 8.0.2)
      activesupport (= 8.0.2)
      irb (~> 1.13)
      rackup (>= 1.0.0)
      rake (>= 12.2)
      thor (~> 1.0, >= 1.2.2)
      zeitwerk (~> 2.6)
    rainbow (3.1.1)
    rake (13.2.1)
    rdoc (6.12.0)
      psych (>= 4.0.0)
    reek (6.4.0)
      dry-schema (~> 1.13.0)
      logger (~> 1.6)
      parser (~> 3.3.0)
      rainbow (>= 2.0, < 4.0)
      rexml (~> 3.1)
    regexp_parser (2.10.0)
    reline (0.6.0)
      io-console (~> 0.5)
    requestjs-rails (0.0.12)
      railties (>= 6.1.0)
    rexml (3.4.1)
    rubocop (1.74.0)
      json (~> 2.3)
      language_server-protocol (~> 3.17.0.2)
      lint_roller (~> 1.1.0)
      parallel (~> 1.10)
      parser (>= 3.3.0.2)
      rainbow (>= 2.2.2, < 4.0)
      regexp_parser (>= 2.9.3, < 3.0)
      rubocop-ast (>= 1.38.0, < 2.0)
      ruby-progressbar (~> 1.7)
      unicode-display_width (>= 2.4.0, < 4.0)
    rubocop-ast (1.39.0)
      parser (>= 3.3.1.0)
    rubocop-minitest (0.37.1)
      lint_roller (~> 1.1)
      rubocop (>= 1.72.1, < 2.0)
      rubocop-ast (>= 1.38.0, < 2.0)
    rubocop-performance (1.24.0)
      lint_roller (~> 1.1)
      rubocop (>= 1.72.1, < 2.0)
      rubocop-ast (>= 1.38.0, < 2.0)
    rubocop-rails (2.30.3)
      activesupport (>= 4.2.0)
      lint_roller (~> 1.1)
      rack (>= 1.1)
      rubocop (>= 1.72.1, < 2.0)
      rubocop-ast (>= 1.38.0, < 2.0)
    rubocop-rake (0.7.1)
      lint_roller (~> 1.1)
      rubocop (>= 1.72.1)
    ruby-progressbar (1.13.0)
    securerandom (0.4.1)
    simplecov (0.22.0)
      docile (~> 1.1)
      simplecov-html (~> 0.11)
      simplecov_json_formatter (~> 0.1)
    simplecov-html (0.13.1)
    simplecov_json_formatter (0.1.4)
    smart_properties (1.17.0)
    solid_cable (3.0.7)
      actioncable (>= 7.2)
      activejob (>= 7.2)
      activerecord (>= 7.2)
      railties (>= 7.2)
    solid_cache (1.0.7)
      activejob (>= 7.2)
      activerecord (>= 7.2)
      railties (>= 7.2)
    solid_queue (1.1.4)
      activejob (>= 7.1)
      activerecord (>= 7.1)
      concurrent-ruby (>= 1.3.1)
      fugit (~> 1.11.0)
      railties (>= 7.1)
      thor (~> 1.3.1)
    sshkit (1.24.0)
      base64
      logger
      net-scp (>= 1.1.2)
      net-sftp (>= 2.1.2)
      net-ssh (>= 2.8.0)
      ostruct
    statusable (0.5.0)
      rails (>= 6)
    stimulus-rails (1.3.4)
      railties (>= 6.0.0)
    stringio (3.1.5)
    tailwindcss-rails (4.2.0)
      railties (>= 7.0.0)
      tailwindcss-ruby (~> 4.0)
    tailwindcss-ruby (4.0.14)
    tailwindcss-ruby (4.0.14-aarch64-linux-gnu)
    tailwindcss-ruby (4.0.14-aarch64-linux-musl)
    tailwindcss-ruby (4.0.14-arm64-darwin)
    tailwindcss-ruby (4.0.14-x86_64-darwin)
    tailwindcss-ruby (4.0.14-x86_64-linux-gnu)
    tailwindcss-ruby (4.0.14-x86_64-linux-musl)
    thor (1.3.2)
    thruster (0.1.12)
    thruster (0.1.12-aarch64-linux)
    thruster (0.1.12-arm64-darwin)
    thruster (0.1.12-x86_64-darwin)
    thruster (0.1.12-x86_64-linux)
    timeout (0.4.3)
    turbo-rails (2.0.13)
      actionpack (>= 7.1.0)
      railties (>= 7.1.0)
    tzinfo (2.0.6)
      concurrent-ruby (~> 1.0)
    unicode-display_width (3.1.4)
      unicode-emoji (~> 4.0, >= 4.0.4)
    unicode-emoji (4.0.4)
    uri (1.0.3)
    useragent (0.16.11)
    web-console (4.2.1)
      actionview (>= 6.0.0)
      activemodel (>= 6.0.0)
      bindex (>= 0.4.0)
      railties (>= 6.0.0)
    websocket-driver (0.7.7)
      base64
      websocket-extensions (>= 0.1.0)
    websocket-extensions (0.1.5)
    yard (0.9.37)
    zeitwerk (2.7.2)

PLATFORMS
  aarch64-linux
  aarch64-linux-gnu
  aarch64-linux-musl
  arm-linux
  arm-linux-gnu
  arm-linux-musl
  arm64-darwin
  ruby
  x86-linux
  x86_64-darwin
  x86_64-linux
  x86_64-linux-gnu
  x86_64-linux-musl

DEPENDENCIES
  amazing_print
  brakeman
  csv
  debug
  erb_lint
  gemwork
  honeybadger
  importmap-rails
  inline_svg
  kamal (>= 2.4.0)
  meta-tags
  minitest-rails
  mission_control-jobs
  object_identifier
  object_inspector
  permessage_deflate
  pg (~> 1.1)
  propshaft
  puma (>= 5.0)
  rails (~> 8.0.2)
  requestjs-rails
  rubocop-rails
  say!
  solid_cable
  solid_cache
  solid_queue
  statusable
  stimulus-rails
  tailwindcss-rails
  thruster
  turbo-rails
  tzinfo-data
  useragent
  web-console

CHECKSUMS
  actioncable (8.0.2) sha256=7bcce2df62e91a80143592600e16583c273e98aab50ae40a9f6a2604bb3289a0
  actionmailbox (8.0.2) sha256=3d8fb3453913e6257da4d02004bbfa2b997dfd10672f8d990e95013983e2cedb
  actionmailer (8.0.2) sha256=b0c968b38576ec56a3dc2795931818e0aaae6a18cc9801f53f175c12d4b277d0
  actionpack (8.0.2) sha256=93e703064f3815295ccf820f57acbca719aec836749597da9262781c9b2f4b78
  actiontext (8.0.2) sha256=a40db32032ee2fbb479d5d69318c4284344c1cda73836fd73ffcdb917d203abf
  actionview (8.0.2) sha256=e038e1405cdfc18f04f17243da4fb8eeda3a4992f63a6d70a7281d255cf7cebb
  activejob (8.0.2) sha256=b0228b45e36b1ef3a081c684e81494147e094a6baf729018756ccf125b1853ca
  activemodel (8.0.2) sha256=0ae1fb7fa1fae0699ba041a9e97702df42ea3b13f2d39f2d0fde51fca5f0656c
  activerecord (8.0.2) sha256=793470b92c44e4198d0262ac60086b7822f0ea585079ad67e32a6e4c86f2d90a
  activestorage (8.0.2) sha256=f83d221e0f06ae38f2200e55490bd155c76d0add330f6e300e8646048d672977
  activesupport (8.0.2) sha256=8565cddba31b900cdc17682fd66ecd020441e3eef320a9930285394e8c07a45e
  amazing_print (1.7.2) sha256=c89a1dfe4f8508c1e780871d51b8786efd100f625201f6e1d18a0d4dedaac702
  ansi (1.5.0) sha256=5408253274e33d9d27d4a98c46d2998266fd51cba58a7eb9d08f50e57ed23592
  ast (2.4.2) sha256=1e280232e6a33754cde542bc5ef85520b74db2aac73ec14acef453784447cc12
  base64 (0.2.0) sha256=0f25e9b21a02a0cc0cea8ef92b2041035d39350946e8789c562b2d1a3da01507
  bcrypt_pbkdf (1.1.1) sha256=2f9077dde837d1f0dd2eb0f9e5327c6871c68ebc8eba88870fb6b7956e1e2b13
  benchmark (0.4.0) sha256=0f12f8c495545e3710c3e4f0480f63f06b4c842cc94cec7f33a956f5180e874a
  better_html (2.1.1) sha256=046c3551d1488a3f2939a7cac6fabf2bde08c32e135c91fcd683380118e5af55
  bigdecimal (3.1.9) sha256=2ffc742031521ad69c2dfc815a98e426a230a3d22aeac1995826a75dabfad8cc
  bindex (0.8.1) sha256=7b1ecc9dc539ed8bccfc8cb4d2732046227b09d6f37582ff12e50a5047ceb17e
  brakeman (7.0.0) sha256=1a0122b0c70f17519a61548a53a332c0acc19e3aa10b445e15e025a4b13b8577
  builder (3.3.0) sha256=497918d2f9dca528fdca4b88d84e4ef4387256d984b8154e9d5d3fe5a9c8835f
  concurrent-ruby (1.3.5) sha256=813b3e37aca6df2a21a3b9f1d497f8cbab24a2b94cab325bffe65ee0f6cbebc6
  connection_pool (2.5.0) sha256=233b92f8d38e038c1349ccea65dd3772727d669d6d2e71f9897c8bf5cd53ebfc
  crass (1.0.6) sha256=dc516022a56e7b3b156099abc81b6d2b08ea1ed12676ac7a5657617f012bd45d
  csv (3.3.2) sha256=6ff0c135e65e485d1864dde6c1703b60d34cc9e19bed8452834a0b28a519bd4e
  date (3.4.1) sha256=bf268e14ef7158009bfeaec40b5fa3c7271906e88b196d958a89d4b408abe64f
  debug (1.10.0) sha256=11e28ca74875979e612444104f3972bd5ffb9e79179907d7ad46dba44bd2e7a4
  docile (1.4.1) sha256=96159be799bfa73cdb721b840e9802126e4e03dfc26863db73647204c727f21e
  dotenv (3.1.7) sha256=c670df478675d23889e657beaca6fb423228f75ce9f052a0690c0d0daa333cf3
  drb (2.2.1) sha256=e9d472bf785f558b96b25358bae115646da0dbfd45107ad858b0bc0d935cb340
  dry-configurable (1.3.0) sha256=882d862858567fc1210d2549d4c090f34370fc1bb7c5c1933de3fe792e18afa8
  dry-core (1.1.0) sha256=0903821a9707649a7da545a2cd88e20f3a663ab1c5288abd7f914fa7751ab195
  dry-inflector (1.2.0) sha256=22f5d0b50fd57074ae57e2ca17e3b300e57564c218269dcf82ff3e42d3f38f2e
  dry-initializer (3.2.0) sha256=37d59798f912dc0a1efe14a4db4a9306989007b302dcd5f25d0a2a20c166c4e3
  dry-logic (1.6.0) sha256=da6fedbc0f90fc41f9b0cc7e6f05f5d529d1efaef6c8dcc8e0733f685745cea2
  dry-schema (1.13.4) sha256=caeb644de0be412d347eb4a6d91c56ceef8ec22cfceb98e80d03d354954b1d2a
  dry-types (1.8.2) sha256=c84e9ada69419c727c3b12e191e0ed7d2c6d58d040d55e79ea16e0ebf8b3ec0f
  ed25519 (1.3.0) sha256=514a5584f84d39daac568a17ec93a4e7261e140c52c562ed8c382c18456e627d
  erb_lint (0.9.0) sha256=dfb5e40ad839e8d1f0d56ca85ec9a7ac4c9cd966ec281138282f35b323ca7c31
  erubi (1.13.1) sha256=a082103b0885dbc5ecf1172fede897f9ebdb745a4b97a5e8dc63953db1ee4ad9
  et-orbi (1.2.11) sha256=d26e868cc21db88280a9ec1a50aa3da5d267eb9b2037ba7b831d6c2731f5df64
  fugit (1.11.1) sha256=e89485e7be22226d8e9c6da411664d0660284b4b1c08cacb540f505907869868
  gemwork (0.7.13) sha256=c9060fdd8a7ea686c281f98b90fa5461efc486191428a8c0d7347f30a7fb18ce
  globalid (1.2.1) sha256=70bf76711871f843dbba72beb8613229a49429d1866828476f9c9d6ccc327ce9
  honeybadger (5.27.0) sha256=4da9e0537f98659ae7fe274a0607c6fb673e9163314a35331829c6822bc17547
  i18n (1.14.7) sha256=ceba573f8138ff2c0915427f1fc5bdf4aa3ab8ae88c8ce255eb3ecf0a11a5d0f
  importmap-rails (2.1.0) sha256=9f10c67d60651a547579f448100d033df311c5d5db578301374aeb774faae741
  inline_svg (1.10.0) sha256=5b652934236fd9f8adc61f3fd6e208b7ca3282698b19f28659971da84bf9a10f
  io-console (0.8.0) sha256=cd6a9facbc69871d69b2cb8b926fc6ea7ef06f06e505e81a64f14a470fddefa2
  irb (1.15.1) sha256=d9bca745ac4207a8b728a52b98b766ca909b86ff1a504bcde3d6f8c84faae890
  json (2.10.2) sha256=34e0eada93022b2a0a3345bb0b5efddb6e9ff5be7c48e409cfb54ff8a36a8b06
  kamal (2.5.3) sha256=06f9e5536e710045da73cee5f0d8b088fd40d5613cbb36abcaa88d4c8fe23a6c
  language_server-protocol (3.17.0.4) sha256=c484626478664fd13482d8180947c50a8590484b1258b99b7aedb3b69df89669
  lint_roller (1.1.0) sha256=2c0c845b632a7d172cb849cc90c1bce937a28c5c8ccccb50dfd46a485003cc87
  logger (1.6.6) sha256=dd618d24e637715472732e7eed02e33cfbdf56deaad225edd0f1f89d38024017
  loofah (2.24.0) sha256=61e6a710883abb8210887f3dc868cf3ed66594c509d9ff6987621efa6651ee1e
  mail (2.8.1) sha256=ec3b9fadcf2b3755c78785cb17bc9a0ca9ee9857108a64b6f5cfc9c0b5bfc9ad
  marcel (1.0.4) sha256=0d5649feb64b8f19f3d3468b96c680bae9746335d02194270287868a661516a4
  meta-tags (2.22.1) sha256=e5ae1febbd320d396c7226d7edb868e5d63466c14b9c8b06622a1a74e6dce354
  mini_mime (1.1.5) sha256=8681b7e2e4215f2a159f9400b5816d85e9d8c6c6b491e96a12797e798f8bccef
  mini_portile2 (2.8.8) sha256=8e47136cdac04ce81750bb6c09733b37895bf06962554e4b4056d78168d70a75
  minitest (5.25.5) sha256=391b6c6cb43a4802bfb7c93af1ebe2ac66a210293f4a3fb7db36f2fc7dc2c756
  minitest-rails (8.0.0) sha256=7788731b9793ef302721f925bf4349e0b943093e6f6b3d68cf8ac9134cd954bc
  minitest-reporters (1.7.1) sha256=5060413a0c95b8c32fe73e0606f3631c173a884d7900e50013e15094eb50562c
  mission_control-jobs (1.0.2) sha256=0f9e115afdd77e3b10a1988870b9b32bdc99350a952c7a85a3b3f440bf473eb4
  much-stub (0.1.10) sha256=14e579c0b27b3dc17c4557c6ec7e4d5bb50b660c0ec818dccbaba561a3a685ae
  net-imap (0.5.6) sha256=1ede8048ee688a14206060bf37a716d18cb6ea00855f6c9b15daee97ee51fbe5
  net-pop (0.1.2) sha256=848b4e982013c15b2f0382792268763b748cce91c9e91e36b0f27ed26420dff3
  net-protocol (0.2.2) sha256=aa73e0cba6a125369de9837b8d8ef82a61849360eba0521900e2c3713aa162a8
  net-scp (4.1.0) sha256=a99b0b92a1e5d360b0de4ffbf2dc0c91531502d3d4f56c28b0139a7c093d1a5d
  net-sftp (4.0.0) sha256=65bb91c859c2f93b09826757af11b69af931a3a9155050f50d1b06d384526364
  net-smtp (0.5.1) sha256=ed96a0af63c524fceb4b29b0d352195c30d82dd916a42f03c62a3a70e5b70736
  net-ssh (7.3.0) sha256=172076c4b30ce56fb25a03961b0c4da14e1246426401b0f89cba1a3b54bf3ef0
  nio4r (2.7.4) sha256=d95dee68e0bb251b8ff90ac3423a511e3b784124e5db7ff5f4813a220ae73ca9
  nokogiri (1.18.4) sha256=bb7820521c1bbae1d3e0092ff03b27a8e700912b37d80f962b7e4567947a64ac
  nokogiri (1.18.4-aarch64-linux-gnu) sha256=8f2263cef9953ce09bd5293d76c9bbd3013d2f94d1cca67783dfe6635c529deb
  nokogiri (1.18.4-aarch64-linux-musl) sha256=4e231f8ba3128cfc2ef0cc0bdc807d7ce71fc62cb6a78216e817be8631fe6a96
  nokogiri (1.18.4-arm-linux-gnu) sha256=cc2945e2c19560a61a97737e6bd3b329edb1f82ca204d46a18e5e98ad0a550a6
  nokogiri (1.18.4-arm-linux-musl) sha256=4fb7f44de0cd85abfa869e4cfb619410da174ebf9fbe26ae0caa65462b818bcb
  nokogiri (1.18.4-arm64-darwin) sha256=73902663b23b1123282b9c0b6d9654b1fb286dfee8d65cb1f6029087b7f0d037
  nokogiri (1.18.4-x86_64-darwin) sha256=e4776f58eea9b94d05caf8bf351e3c6aa1cce01edcc2ed530f3c302c13178965
  nokogiri (1.18.4-x86_64-linux-gnu) sha256=b1c6407b346b88704e97a342a80acd4755175324e624da34d0c5cfdc8d34191e
  nokogiri (1.18.4-x86_64-linux-musl) sha256=ea7c0356a70f3d2d0d76315b533877013d20368d5c9f437c38e0bd462c4844dc
  object_identifier (0.10.0) sha256=161b64222f779fa224dffc1088f6b0f9c587654031b18c742d2f612530a40a1d
  object_inspector (0.8.2) sha256=5255e62284e088f569d731f5ddda47b0ebed6b06dfaad5a14e4352ff4f8662bc
  ostruct (0.6.1) sha256=09a3fb7ecc1fa4039f25418cc05ae9c82bd520472c5c6a6f515f03e4988cb817
  parallel (1.26.3) sha256=d86babb7a2b814be9f4b81587bf0b6ce2da7d45969fab24d8ae4bf2bb4d4c7ef
  parser (3.3.7.1) sha256=7dbe61618025519024ac72402a6677ead02099587a5538e84371b76659e6aca1
  permessage_deflate (0.1.4) sha256=c3f05a94f98994aa1a47589b0f33e94d86fc10c944efa0f6ab3666e37e343373
  pg (1.5.9) sha256=761efbdf73b66516f0c26fcbe6515dc7500c3f0aa1a1b853feae245433c64fdc
  pp (0.6.2) sha256=947ec3120c6f92195f8ee8aa25a7b2c5297bb106d83b41baa02983686577b6ff
  prettyprint (0.2.0) sha256=2bc9e15581a94742064a3cc8b0fb9d45aae3d03a1baa6ef80922627a0766f193
  propshaft (1.1.0) sha256=d389361faf66aeb17e8d204828962c1e506edd14a1a17adb3fa475435c070f6b
  psych (5.2.3) sha256=84a54bb952d14604fea22d99938348814678782f58b12648fcdfa4d2fce859ee
  puma (6.6.0) sha256=f25c06873eb3d5de5f0a4ebc783acc81a4ccfe580c760cfe323497798018ad87
  raabro (1.4.0) sha256=d4fa9ff5172391edb92b242eed8be802d1934b1464061ae5e70d80962c5da882
  racc (1.8.1) sha256=4a7f6929691dbec8b5209a0b373bc2614882b55fc5d2e447a21aaa691303d62f
  rack (3.1.12) sha256=00d83055c89273eb13679ab562767b8826955aa6c4371d7d161deb975c50c540
  rack-session (2.1.0) sha256=437c3916535b58ef71c816ce4a2dee0a01c8a52ae6077dc2b6cd19085760a290
  rack-test (2.2.0) sha256=005a36692c306ac0b4a9350355ee080fd09ddef1148a5f8b2ac636c720f5c463
  rackup (2.2.1) sha256=f737191fd5c5b348b7f0a4412a3b86383f88c43e13b8217b63d4c8d90b9e798d
  rails (8.0.2) sha256=fdfaa5a83ec0388e02864e88d515959caedc88053b5f701c4deb1652d8f164c6
  rails-dom-testing (2.2.0) sha256=e515712e48df1f687a1d7c380fd7b07b8558faa26464474da64183a7426fa93b
  rails-html-sanitizer (1.6.2) sha256=35fce2ca8242da8775c83b6ba9c1bcaad6751d9eb73c1abaa8403475ab89a560
  railties (8.0.2) sha256=0d7c3f40c49ba74980f1bac1d4bb153a9331c5ee8a9631d89c7bf79db82e5cf9
  rainbow (3.1.1) sha256=039491aa3a89f42efa1d6dec2fc4e62ede96eb6acd95e52f1ad581182b79bc6a
  rake (13.2.1) sha256=46cb38dae65d7d74b6020a4ac9d48afed8eb8149c040eccf0523bec91907059d
  rdoc (6.12.0) sha256=7d6f706e070bffa5d18a448f24076cbfb34923a99c1eab842aa18e6ca69f56e0
  reek (6.4.0) sha256=80f9a14979aa3ffaecfb2b8b10bdf87fcd8a0fca47c36823e2a4e1e62f1ddd47
  regexp_parser (2.10.0) sha256=cb6f0ddde88772cd64bff1dbbf68df66d376043fe2e66a9ef77fcb1b0c548c61
  reline (0.6.0) sha256=57620375dcbe56ec09bac7192bfb7460c716bbf0054dc94345ecaa5438e539d2
  requestjs-rails (0.0.12) sha256=d3f863b16ae3469b2ebb83110b9831d74375f44e06b1194b5052a997fc2c48e7
  rexml (3.4.1) sha256=c74527a9a0a04b4ec31dbe0dc4ed6004b960af943d8db42e539edde3a871abca
  rubocop (1.74.0) sha256=06138a35d7d11c963d5abc0148b355e3999007cb0225a619940db0e75521379b
  rubocop-ast (1.39.0) sha256=b6ba0f677ceced033b81c69405ac8931f4963116c572b8da5e15a03619a8236c
  rubocop-minitest (0.37.1) sha256=dcdcc2c835a859193e50bc67296daaf95ac99f6410838119374df31490460d36
  rubocop-performance (1.24.0) sha256=e5bd39ff3e368395b9af886927cc37f5892f43db4bd6c8526594352d5b4440b5
  rubocop-rails (2.30.3) sha256=fc5a6506daa916d15e282cc806943afa64a020bf592b93a94025d89a2a78a715
  rubocop-rake (0.7.1) sha256=3797f2b6810c3e9df7376c26d5f44f3475eda59eb1adc38e6f62ecf027cbae4d
  ruby-progressbar (1.13.0) sha256=80fc9c47a9b640d6834e0dc7b3c94c9df37f08cb072b7761e4a71e22cff29b33
  say (0.7.0)
  securerandom (0.4.1) sha256=cc5193d414a4341b6e225f0cb4446aceca8e50d5e1888743fac16987638ea0b1
  simplecov (0.22.0) sha256=fe2622c7834ff23b98066bb0a854284b2729a569ac659f82621fc22ef36213a5
  simplecov-html (0.13.1) sha256=5dab0b7ee612e60e9887ad57693832fdf4695b4c0c859eaea5f95c18791ef10b
  simplecov_json_formatter (0.1.4) sha256=529418fbe8de1713ac2b2d612aa3daa56d316975d307244399fa4838c601b428
  smart_properties (1.17.0) sha256=f9323f8122e932341756ddec8e0ac9ec6e238408a7661508be99439ca6d6384b
  solid_cable (3.0.7) sha256=f2bce91e17e2c6e04c3c5e9905cc31b1078ff991702278c8bb1ac2e09f441a21
  solid_cache (1.0.7) sha256=58e690ccee057be7351f21b1940d5f9cf6bb132074316e70478e554a79e6a490
  solid_queue (1.1.4) sha256=7b5b3395ec7ca8c131c71df9082e919ab7b5332684f6f686206f321d1c6b9f90
  sshkit (1.24.0) sha256=9597c1f984778ae9742f2dc839778d57a6a2efb868107046575c52ac7c628e6c
  statusable (0.5.0) sha256=d0d88fe4efa701ff90e76636b3a31d9fea156733250e2c33445de84b4311204d
  stimulus-rails (1.3.4) sha256=765676ffa1f33af64ce026d26b48e8ffb2e0b94e0f50e9119e11d6107d67cb06
  stringio (3.1.5) sha256=bca92461515a131535743bc81d5559fa1de7d80cff9a654d6c0af6f9f27e35c8
  tailwindcss-rails (4.2.0) sha256=f0c4b5da8ca11304c883a2c8a3d4cc7cbb6ef797717fc77a1295911753eaa2d1
  tailwindcss-ruby (4.0.14) sha256=6e4036cdccf3da956c168d83069b17939a567735c7e345daaf072b1e58a2608d
  tailwindcss-ruby (4.0.14-aarch64-linux-gnu) sha256=6934258873a5fc8cb5c9bfe16e98aee3290e88791796f19befbdbe8894a86df7
  tailwindcss-ruby (4.0.14-aarch64-linux-musl) sha256=e3e856307e7acb92823d23ac0fde30e040459f2851977ceb9c3b4215477787ac
  tailwindcss-ruby (4.0.14-arm64-darwin) sha256=de8d1bc1d3ba3a918ff05499e74ed367480721667e5c8a51866dcabba3bcf589
  tailwindcss-ruby (4.0.14-x86_64-darwin) sha256=09355b40fcc48021698ba11fffbd7274269f92007f0a9547e26ae1548127e3a7
  tailwindcss-ruby (4.0.14-x86_64-linux-gnu) sha256=a95841b35bcd5ca0992c5d453eb617d00730a2d1e80fffae44158831f67c9019
  tailwindcss-ruby (4.0.14-x86_64-linux-musl) sha256=e85dee0d300a6ac22d7d1787f17562b1e4555e49b1653048f37a4444cb2e2263
  thor (1.3.2) sha256=eef0293b9e24158ccad7ab383ae83534b7ad4ed99c09f96f1a6b036550abbeda
  thruster (0.1.12) sha256=a6271224fbb4bbcfb9fe6231591656724d73d0a0c774bc6f35b0a3bc88413bb2
  thruster (0.1.12-aarch64-linux) sha256=c70dad353ed75d0cece9070b553e2ca3f27ecc16ac209e06b7e7076a9c7da8a2
  thruster (0.1.12-arm64-darwin) sha256=c05126962184946c3d2b40977c09912dbda68cffd2a18d8610cda468bdb75665
  thruster (0.1.12-x86_64-darwin) sha256=bdcb84dbdb620c46e0d26c7035a5e1a40a851a028b666355c0748735302cf121
  thruster (0.1.12-x86_64-linux) sha256=cb2427f6c0661c9637406863172543de05672b7f7ae2ee04a1874322f2f5425f
  timeout (0.4.3) sha256=9509f079b2b55fe4236d79633bd75e34c1c1e7e3fb4b56cb5fda61f80a0fe30e
  turbo-rails (2.0.13) sha256=c40ac0a3ccd57c129925c8ac524a5dfd1e17fad080906e2d32135721a8bba22f
  tzinfo (2.0.6) sha256=8daf828cc77bcf7d63b0e3bdb6caa47e2272dcfaf4fbfe46f8c3a9df087a829b
  unicode-display_width (3.1.4) sha256=8caf2af1c0f2f07ec89ef9e18c7d88c2790e217c482bfc78aaa65eadd5415ac1
  unicode-emoji (4.0.4) sha256=2c2c4ef7f353e5809497126285a50b23056cc6e61b64433764a35eff6c36532a
  uri (1.0.3) sha256=e9f2244608eea2f7bc357d954c65c910ce0399ca5e18a7a29207ac22d8767011
  useragent (0.16.11) sha256=700e6413ad4bb954bb63547fa098dddf7b0ebe75b40cc6f93b8d54255b173844
  web-console (4.2.1) sha256=e7bcf37a10ea2b4ec4281649d1cee461b32232d0a447e82c786e6841fd22fe20
  websocket-driver (0.7.7) sha256=056d99f2cd545712cfb1291650fde7478e4f2661dc1db6a0fa3b966231a146b4
  websocket-extensions (0.1.5) sha256=1c6ba63092cda343eb53fc657110c71c754c56484aad42578495227d717a8241
  yard (0.9.37) sha256=a6e910399e78e613f80ba9add9ba7c394b1a935f083cccbef82903a3d2a26992
  zeitwerk (2.7.2) sha256=842e067cb11eb923d747249badfb5fcdc9652d6f20a1f06453317920fdcd4673

RUBY VERSION
   ruby 3.4.2p28

BUNDLED WITH
   2.6.5
